GEM
  remote: https://rubygems.org/
  specs:
    amazing_print (1.4.0)
    coderay (1.1.3)
    connection_pool (2.4.0)
    json (2.6.3)
    method_source (1.0.0)
    mustermann (3.0.0)
      ruby2_keywords (~> 0.0.1)
    nio4r (2.5.8)
    pry (0.14.2)
      coderay (~> 1.1)
      method_source (~> 1.0)
    puma (6.1.1)
      nio4r (~> 2.0)
    rack (2.2.6.4)
    rack-protection (3.0.5)
      rack
    redis (5.0.6)
      redis-client (>= 0.9.0)
    redis-client (0.14.0)
      connection_pool
    redis-namespace (1.10.0)
      redis (>= 4)
    rexml (3.2.5)
    rss (0.2.9)
      rexml
    ruby2_keywords (0.0.5)
    sinatra (3.0.5)
      mustermann (~> 3.0)
      rack (~> 2.2, >= 2.2.4)
      rack-protection (= 3.0.5)
      tilt (~> 2.0)
    tilt (2.1.0)

PLATFORMS
  arm64-darwin-21

DEPENDENCIES
  amazing_print
  json
  pry
  puma
  redis
  redis-namespace
  rss
  sinatra

BUNDLED WITH
   2.4.9
